GEM
  remote: https://rubygems.org/
  specs:
    crack (0.4.2)
      safe_yaml (~> 1.0.0)
    curb (0.8.5)
    safe_yaml (1.0.3)

PLATFORMS
  ruby

DEPENDENCIES
  crack
  curb
