GEM
  remote: https://rubygems.org/
  specs:
    addressable (2.3.6)
    coderay (1.1.0)
    crack (0.4.2)
      safe_yaml (~> 1.0.0)
    curb (0.8.5)
    method_source (0.8.2)
    pry (0.9.12.6)
      coderay (~> 1.0)
      method_source (~> 0.8)
      slop (~> 3.4)
    safe_yaml (1.0.3)
    slop (3.5.0)

PLATFORMS
  ruby

DEPENDENCIES
  addressable
  crack
  curb
  pry
